GEM
  remote: http://rubygems.org/
  specs:
    POpen4 (0.1.4)
      Platform (>= 0.4.0)
      open4
    Platform (0.4.0)
    coderay (1.0.8)
    coffee-script (2.2.0)
      coffee-script-source
      execjs
    coffee-script-source (1.4.0)
    execjs (1.4.0)
      multi_json (~> 1.0)
    ffi (1.1.5)
    guard (1.5.2)
      listen (>= 0.4.2)
      lumberjack (>= 1.0.2)
      pry (>= 0.9.10)
      thor (>= 0.14.6)
    guard-coffeescript (1.2.0)
      coffee-script (>= 2.2.0)
      guard (>= 1.1.0)
    guard-haml (0.4)
      guard (>= 1.1)
      haml (>= 3.0)
    guard-haml-coffee (0.2.0)
      coffee-script
      execjs
      guard
    guard-jammit (1.0.1)
      guard (>= 1.1.0)
      jammit
    guard-sass (1.0.1)
      guard (>= 1.1.0)
      sass (>= 3.1)
    haml (3.1.7)
    jammit (0.6.5)
      yui-compressor (>= 0.9.3)
    listen (0.4.7)
      rb-fchange (~> 0.0.5)
      rb-fsevent (~> 0.9.1)
      rb-inotify (~> 0.8.8)
    lumberjack (1.0.2)
    method_source (0.8.1)
    multi_json (1.3.6)
    open4 (1.3.0)
    pry (0.9.10)
      coderay (~> 1.0.5)
      method_source (~> 0.8)
      slop (~> 3.3.1)
    rb-fchange (0.0.6)
      ffi
    rb-fsevent (0.9.2)
    rb-inotify (0.8.8)
      ffi (>= 0.5.0)
    sass (3.2.1)
    slop (3.3.3)
    terminal-notifier-guard (1.5.3)
    thor (0.16.0)
    yui-compressor (0.9.6)
      POpen4 (>= 0.1.4)

PLATFORMS
  ruby

DEPENDENCIES
  guard
  guard-coffeescript
  guard-haml
  guard-haml-coffee
  guard-jammit
  guard-sass
  listen (= 0.4.7)
  terminal-notifier-guard
